GEM
  remote: https://rubygems.org/
  specs:
    ansi (1.5.0)
    ast (2.1.0)
    oga (1.3.1)
      ast
      ruby-ll (~> 2.1)
    ruby-ll (2.1.2)
      ansi
      ast

PLATFORMS
  ruby

DEPENDENCIES
  oga
